GEM
  remote: https://rubygems.org/
  specs:
    domain_name (0.5.24)
      unf (>= 0.0.5, < 1.0.0)
    http-cookie (1.0.2)
      domain_name (~> 0.5)
    mime-types (2.6.1)
    multi_json (1.11.2)
    mysql (2.9.1)
    mysql2 (0.3.19)
    netrc (0.10.3)
    power_assert (0.2.4)
    rest-client (1.8.0)
      http-cookie (>= 1.0.2, < 2.0)
      mime-types (>= 1.16, < 3.0)
      netrc (~> 0.7)
    ruby-jq (0.1.6)
      multi_json
    sequel (4.25.0)
    settingslogic (2.0.9)
    test-unit (3.1.3)
      power_assert
    unf (0.1.4)
      unf_ext
    unf_ext (0.0.7.1)

PLATFORMS
  ruby

DEPENDENCIES
  mysql
  mysql2
  rest-client
  ruby-jq
  sequel
  settingslogic
  test-unit

BUNDLED WITH
   1.10.6
