GEM
  remote: https://rubygems.org/
  specs:
    appium_lib (7.0.0)
      awesome_print (~> 1.6)
      json (~> 1.8)
      nokogiri (~> 1.6.6)
      selenium-webdriver (~> 2.45)
      toml (~> 0.0)
    awesome_print (1.6.1)
    blankslate (2.1.2.4)
    builder (3.2.2)
    childprocess (0.5.6)
      ffi (~> 1.0, >= 1.0.11)
    cucumber (2.0.2)
      builder (>= 2.1.2)
      cucumber-core (~> 1.2.0)
      diff-lcs (>= 1.1.3)
      gherkin (~> 2.12)
      multi_json (>= 1.7.5, < 2.0)
      multi_test (>= 0.1.2)
    cucumber-core (1.2.0)
      gherkin (~> 2.12.0)
    diff-lcs (1.2.5)
    domain_name (0.5.24)
      unf (>= 0.0.5, < 1.0.0)
    ffi (1.9.10)
    gherkin (2.12.2)
      multi_json (~> 1.3)
    git (1.2.9.1)
    http-cookie (1.0.2)
      domain_name (~> 0.5)
    json (1.8.3)
    mime-types (2.6.1)
    mini_portile (0.6.2)
    multi_json (1.11.2)
    multi_test (0.1.2)
    mysql (2.9.1)
    mysql2 (0.3.19)
    net-ssh (2.9.2)
    netrc (0.10.3)
    nokogiri (1.6.6.2)
      mini_portile (~> 0.6.0)
    parslet (1.5.0)
      blankslate (~> 2.0)
    power_assert (0.2.4)
    rest-client (1.8.0)
      http-cookie (>= 1.0.2, < 2.0)
      mime-types (>= 1.16, < 3.0)
      netrc (~> 0.7)
    rspec (3.3.0)
      rspec-core (~> 3.3.0)
      rspec-expectations (~> 3.3.0)
      rspec-mocks (~> 3.3.0)
    rspec-core (3.3.2)
      rspec-support (~> 3.3.0)
    rspec-expectations (3.3.1)
      diff-lcs (>= 1.2.0, < 2.0)
      rspec-support (~> 3.3.0)
    rspec-mocks (3.3.2)
      diff-lcs (>= 1.2.0, < 2.0)
      rspec-support (~> 3.3.0)
    rspec-support (3.3.0)
    ruby-jq (0.1.6)
      multi_json
    rubyzip (1.1.7)
    selenium-webdriver (2.47.1)
      childprocess (~> 0.5)
      multi_json (~> 1.0)
      rubyzip (~> 1.0)
      websocket (~> 1.0)
    sequel (4.25.0)
    settingslogic (2.0.9)
    test-unit (3.1.3)
      power_assert
    toml (0.1.2)
      parslet (~> 1.5.0)
    unf (0.1.4)
      unf_ext
    unf_ext (0.0.7.1)
    websocket (1.2.2)

PLATFORMS
  ruby

DEPENDENCIES
  appium_lib
  cucumber
  cucumber-core
  git
  json
  mysql
  mysql2
  net-ssh
  rest-client
  rspec
  rspec-expectations
  ruby-jq
  sequel
  settingslogic
  test-unit

BUNDLED WITH
   1.10.6
